GIT
  remote: git@github.com:infinitered/rmq.git
  revision: 057e92c76650e889026089b9533a56e8c90dd524
  specs:
    ruby_motion_query (0.6.0)

GEM
  remote: https://rubygems.org/
  specs:

PLATFORMS
  ruby

DEPENDENCIES
  ruby_motion_query!
